GEM
  remote: http://rubygems.org/
  specs:
    rghost (0.9)
    rghost_barcode (0.9)

PLATFORMS
  ruby

DEPENDENCIES
  rghost
  rghost_barcode
