GEM
  remote: https://rubygems.org/
  specs:
    barby (0.5.1)
    chunky_png (1.2.8)

PLATFORMS
  ruby

DEPENDENCIES
  barby
  chunky_png
